GEM
  remote: https://rubygems.org/
  specs:
    awesome_print (1.8.0)
    coderay (1.1.2)
    colorize (0.8.1)
    cute_logger (0.1.9)
      awesome_print (~> 1)
      colorize (~> 0.8.1)
      utf8_converter (~> 0.1)
    method_source (0.9.0)
    mysql2 (0.5.2)
    pry (0.11.3)
      coderay (~> 1.1.0)
      method_source (~> 0.9.0)
    ruby-ant-server (0.6.0)
      cute_logger (~> 0.1)
    safe_yaml (1.0.4)
    sequel (5.13.0)
    utf8_converter (0.1.1)

PLATFORMS
  ruby

DEPENDENCIES
  mysql2!
  pry!
  ruby-ant-server!
  safe_yaml!
  sequel!

BUNDLED WITH
   1.16.6
