GEM
  remote: https://rubygems.org/
  specs:
    mysql2 (0.5.2)
    sequel (5.13.0)

PLATFORMS
  ruby

DEPENDENCIES
  mysql2!
  sequel!

BUNDLED WITH
   1.16.6
