GEM
  remote: https://rubygems.org/
  specs:
    coderay (1.1.2)
    method_source (0.9.0)
    mysql2 (0.5.2)
    pry (0.11.3)
      coderay (~> 1.1.0)
      method_source (~> 0.9.0)
    safe_yaml (1.0.4)
    sequel (5.13.0)

PLATFORMS
  ruby

DEPENDENCIES
  mysql2!
  pry!
  safe_yaml!
  sequel!

BUNDLED WITH
   1.16.6
